PATH
  remote: .
  specs:
    greyhawkweather (0.0.7)
      rangehash (>= 0.0.5)

GEM
  remote: http://rubygems.org/
  specs:
    diff-lcs (1.1.2)
    rangehash (0.0.5)
    rcov (0.9.10)
    rspec (2.6.0)
      rspec-core (~> 2.6.0)
      rspec-expectations (~> 2.6.0)
      rspec-mocks (~> 2.6.0)
    rspec-core (2.6.4)
    rspec-expectations (2.6.0)
      diff-lcs (~> 1.1.2)
    rspec-mocks (2.6.0)

PLATFORMS
  ruby

DEPENDENCIES
  greyhawkweather!
  rcov
  rspec
